GIT
  remote: https://github.com/AmenZhou/rulers.git
  revision: 00fa20484bf2277076204b48449ef914700f4451
  branch: master
  specs:
    rulers (0.2.0)
      rack

GEM
  remote: https://rubygems.org/
  specs:
    rack (1.6.4)

PLATFORMS
  ruby

DEPENDENCIES
  rulers!

BUNDLED WITH
   1.10.6
