GIT
  remote: https://github.com/AmenZhou/rulers.git
  revision: 4bdfa98d7bd3e775473ac0de279a09913fed77c8
  branch: master
  specs:
    rulers (0.2.0)

GEM
  remote: https://rubygems.org/
  specs:

PLATFORMS
  ruby

DEPENDENCIES
  rulers (= 0.2.0)!

BUNDLED WITH
   1.10.6
