GEM
  remote: https://rubygems.org/
  specs:
    rack (1.6.4)
    rulers (0.1.2.3)
      rack

PLATFORMS
  ruby

DEPENDENCIES
  rulers

BUNDLED WITH
   1.10.6
