GIT
  remote: https://github.com/AmenZhou/rulers.git
  revision: 953dfbb06226dfdfb20a67180db95c5ba30ae94e
  branch: master
  specs:
    rulers (0.2.0)

GEM
  remote: https://rubygems.org/
  specs:
    ffi (1.9.10)
    listen (3.0.5)
      rb-fsevent (>= 0.9.3)
      rb-inotify (>= 0.9)
    rack (1.6.4)
    rb-fsevent (0.9.6)
    rb-inotify (0.9.5)
      ffi (>= 0.5.0)
    rerun (0.11.0)
      listen (~> 3.0)

PLATFORMS
  ruby

DEPENDENCIES
  listen
  rack (= 1.6.4)
  rerun (= 0.11.0)
  rulers (= 0.2.0)!

BUNDLED WITH
   1.10.6
